PATH
  remote: .
  specs:
    que-locks (0.3.0)
      neatjson (~> 0.9)
      que (~> 1.0)
      xxhash (~> 0.4)

GEM
  remote: https://rubygems.org/
  specs:
    activejob (6.1.6.1)
      activesupport (= 6.1.6.1)
      globalid (>= 0.3.6)
    activemodel (6.1.6.1)
      activesupport (= 6.1.6.1)
    activerecord (6.1.6.1)
      activemodel (= 6.1.6.1)
      activesupport (= 6.1.6.1)
    activesupport (6.1.6.1)
      concurrent-ruby (~> 1.0, >= 1.0.2)
      i18n (>= 1.6, < 2)
      minitest (>= 5.1)
      tzinfo (~> 2.0)
      zeitwerk (~> 2.3)
    ast (2.4.2)
    byebug (11.1.3)
    concurrent-ruby (1.1.10)
    database_cleaner (2.0.1)
      database_cleaner-active_record (~> 2.0.0)
    database_cleaner-active_record (2.0.1)
      activerecord (>= 5.a)
      database_cleaner-core (~> 2.0.0)
    database_cleaner-core (2.0.1)
    globalid (1.0.0)
      activesupport (>= 5.0)
    i18n (1.12.0)
      concurrent-ruby (~> 1.0)
    json (2.6.2)
    minitest (5.16.2)
    mocha (1.14.0)
    neatjson (0.9)
    parallel (1.22.1)
    parser (3.1.2.0)
      ast (~> 2.4.1)
    pg (1.4.2)
    que (1.4.1)
    rainbow (3.1.1)
    rake (10.5.0)
    regexp_parser (2.5.0)
    rexml (3.2.5)
    rubocop (1.32.0)
      json (~> 2.3)
      parallel (~> 1.10)
      parser (>= 3.1.0.0)
      rainbow (>= 2.2.2, < 4.0)
      regexp_parser (>= 1.8, < 3.0)
      rexml (>= 3.2.5, < 4.0)
      rubocop-ast (>= 1.19.1, < 2.0)
      ruby-progressbar (~> 1.7)
      unicode-display_width (>= 1.4.0, < 3.0)
    rubocop-ast (1.19.1)
      parser (>= 3.1.1.0)
    rubocop-performance (1.14.3)
      rubocop (>= 1.7.0, < 2.0)
      rubocop-ast (>= 0.4.0)
    ruby-progressbar (1.11.0)
    rufo (0.13.0)
    tzinfo (2.0.5)
      concurrent-ruby (~> 1.0)
    unicode-display_width (2.2.0)
    xxhash (0.5.0)
    zeitwerk (2.6.0)

PLATFORMS
  ruby

DEPENDENCIES
  activejob
  activerecord
  bundler (~> 2.0)
  byebug
  database_cleaner
  minitest
  mocha
  pg
  que-locks!
  rake (~> 10.0)
  rubocop
  rubocop-performance
  rufo

BUNDLED WITH
   2.3.18
